GIT
  remote: https://github.com/jasiek/leptonica-ruby-ffi.git
  revision: cc19f705729da5c479993cc87dad6e30a5ab5991
  specs:
    leptonica (0.0.2)
      ffi (~> 1.9)

GEM
  remote: https://rubygems.org/
  specs:
    ffi (1.14.2)
    mustermann (1.1.1)
      ruby2_keywords (~> 0.0.1)
    nio4r (2.5.4)
    puma (5.1.1)
      nio4r (~> 2.0)
    rack (2.2.3)
    rack-protection (2.1.0)
      rack
    ruby2_keywords (0.0.2)
    sinatra (2.1.0)
      mustermann (~> 1.0)
      rack (~> 2.2)
      rack-protection (= 2.1.0)
      tilt (~> 2.0)
    tilt (2.0.10)

PLATFORMS
  ruby

DEPENDENCIES
  leptonica!
  puma
  rack
  sinatra

BUNDLED WITH
   2.1.2
